GEM
  remote: https://rubygems.org/
  specs:
    holidays (2.2.0)

PLATFORMS
  ruby

DEPENDENCIES
  holidays
